GEM
  remote: https://rubygems.org/
  specs:
    ast (2.4.0)
    audite (0.4.0)
    benchmark-ips (2.7.2)
    curses (1.2.5)
    id3tag (0.12.1)
    jaro_winkler (1.5.1)
    parallel (1.12.1)
    parser (2.5.1.2)
      ast (~> 2.4.0)
    powerpack (0.1.2)
    rainbow (3.0.0)
    rubocop (0.59.2)
      jaro_winkler (~> 1.5.1)
      parallel (~> 1.10)
      parser (>= 2.5, != 2.5.1.1)
      powerpack (~> 0.1)
      rainbow (>= 2.2.2, < 4.0)
      ruby-progressbar (~> 1.7)
      unicode-display_width (~> 1.0, >= 1.0.1)
    ruby-progressbar (1.10.0)
    unicode-display_width (1.4.0)

PLATFORMS
  ruby

DEPENDENCIES
  audite
  benchmark-ips
  curses
  id3tag
  rubocop

BUNDLED WITH
   1.16.6
