GEM
  remote: https://rubygems.org/
  specs:
    ast (2.3.0)
    benchmark-ips (2.7.2)
    curses (1.0.2)
    id3tag (0.8.0)
    parser (2.3.1.4)
      ast (~> 2.2)
    powerpack (0.1.1)
    rainbow (2.1.0)
    rubocop (0.41.2)
      parser (>= 2.3.1.1, < 3.0)
      powerpack (~> 0.1)
      rainbow (>= 1.99.1, < 3.0)
      ruby-progressbar (~> 1.7)
      unicode-display_width (~> 1.0, >= 1.0.1)
    ruby-progressbar (1.8.1)
    unicode-display_width (1.1.1)

PLATFORMS
  ruby

DEPENDENCIES
  benchmark-ips
  curses
  id3tag
  rubocop (~> 0.41.2)

BUNDLED WITH
   1.13.6
